PATH
  remote: .
  specs:
    hogan_assets (1.6.0)
      execjs (>= 1.2.9)
      sprockets (= 4.0.0.beta5)
      tilt (>= 1.3.3)

GEM
  remote: https://rubygems.org/
  specs:
    concurrent-ruby (1.0.5)
    execjs (2.7.0)
    haml (3.1.6)
    power_assert (1.1.0)
    rack (2.0.3)
    rake (12.1.0)
    slim (1.3.4)
      temple (~> 0.5.5)
      tilt (~> 1.3.3)
    sprockets (4.0.0.beta5)
      concurrent-ruby (~> 1.0)
      rack (> 1, < 3)
    temple (0.5.5)
    test-unit (3.2.5)
      power_assert
    tilt (1.3.7)

PLATFORMS
  ruby

DEPENDENCIES
  haml
  hogan_assets!
  rake
  slim
  test-unit

BUNDLED WITH
   1.14.6
